GEM
  remote: http://rubygems.org/
  specs:
    ffi (1.9.0)

PLATFORMS
  ruby

DEPENDENCIES
  ffi
